PATH
  remote: .
  specs:
    ipwrangler (0.0.1)
      json
      sequel
      sinatra
      sqlite3
      thin

GEM
  remote: https://rubygems.org/
  specs:
    ast (2.0.0)
    daemons (1.1.9)
    eventmachine (1.0.3)
    hound-tools (0.0.5)
      rubocop (= 0.25.0)
      thor
    json (1.8.2)
    parser (2.2.0.2)
      ast (>= 1.1, < 3.0)
    powerpack (0.0.9)
    rack (1.6.0)
    rack-protection (1.5.3)
      rack
    rainbow (2.0.0)
    rake (10.4.2)
    rubocop (0.25.0)
      parser (>= 2.2.0.pre.4, < 3.0)
      powerpack (~> 0.0.6)
      rainbow (>= 1.99.1, < 3.0)
      ruby-progressbar (~> 1.4)
    ruby-progressbar (1.7.0)
    sequel (4.9.0)
    sinatra (1.4.5)
      rack (~> 1.4)
      rack-protection (~> 1.4)
      tilt (~> 1.3, >= 1.3.4)
    sqlite3 (1.3.10)
    thin (1.6.2)
      daemons (>= 1.0.9)
      eventmachine (>= 1.0.0)
      rack (>= 1.0.0)
    thor (0.19.1)
    tilt (1.4.1)

PLATFORMS
  ruby

DEPENDENCIES
  bundler
  hound-tools (~> 0.0.4)
  ipwrangler!
  rake
