PATH
  remote: .
  specs:
    ip-wrangler (0.1.2)
      json (~> 1.8)
      sequel (~> 4.19)
      sinatra (~> 1.4)
      sqlite3 (~> 1.3)
      thin (~> 1.6)

GEM
  remote: https://rubygems.org/
  specs:
    daemons (1.2.3)
    eventmachine (1.0.9.1)
    json (1.8.3)
    rack (1.6.4)
    rack-protection (1.5.3)
      rack
    rake (10.5.0)
    sequel (4.30.0)
    sinatra (1.4.7)
      rack (~> 1.5)
      rack-protection (~> 1.4)
      tilt (>= 1.3, < 3)
    sqlite3 (1.3.11)
    thin (1.6.4)
      daemons (~> 1.0, >= 1.0.9)
      eventmachine (~> 1.0, >= 1.0.4)
      rack (~> 1.0)
    tilt (2.0.2)

PLATFORMS
  ruby

DEPENDENCIES
  bundler (~> 1.6)
  ip-wrangler!
  rake (~> 10.4)

BUNDLED WITH
   1.11.2
