PATH
  remote: .
  specs:
    ipwrangler (0.0.1)
      json
      sequel
      sinatra
      sqlite3
      thin

GEM
  remote: https://rubygems.org/
  specs:
    daemons (1.1.9)
    eventmachine (1.0.3)
    json (1.8.2)
    rack (1.6.0)
    rack-protection (1.5.3)
      rack
    rake (10.4.2)
    sequel (4.9.0)
    sinatra (1.4.5)
      rack (~> 1.4)
      rack-protection (~> 1.4)
      tilt (~> 1.3, >= 1.3.4)
    sqlite3 (1.3.10)
    thin (1.6.2)
      daemons (>= 1.0.9)
      eventmachine (>= 1.0.0)
      rack (>= 1.0.0)
    tilt (1.4.1)

PLATFORMS
  ruby

DEPENDENCIES
  bundler
  ipwrangler!
  rake
